PATH
  remote: .
  specs:
    jdbc-pgsql (42.7.4-java)

GEM
  remote: https://rubygems.org/
  specs:
    diff-lcs (1.5.0)
    rake (12.3.3)
    rspec (3.12.0)
      rspec-core (~> 3.12.0)
      rspec-expectations (~> 3.12.0)
      rspec-mocks (~> 3.12.0)
    rspec-core (3.12.0)
      rspec-support (~> 3.12.0)
    rspec-expectations (3.12.0)
      diff-lcs (>= 1.2.0, < 2.0)
      rspec-support (~> 3.12.0)
    rspec-mocks (3.12.1)
      diff-lcs (>= 1.2.0, < 2.0)
      rspec-support (~> 3.12.0)
    rspec-support (3.12.0)

PLATFORMS
  universal-java-11
  universal-java-17
  universal-java-21

DEPENDENCIES
  jdbc-pgsql!
  rake (~> 12.0)
  rspec (~> 3.0)

BUNDLED WITH
   2.2.29
